PATH
  remote: .
  specs:
    simple_form (2.1.4)
      actionpack (~> 3.0)
      activemodel (~> 3.0)

GEM
  remote: http://rubygems.org/
  specs:
    actionpack (3.2.22.5)
      activemodel (= 3.2.22.5)
      activesupport (= 3.2.22.5)
      builder (~> 3.0)
      erubis (~> 2.7.0)
      journey (~> 1.0.4)
      rack (~> 1.4.5)
      rack-cache (~> 1.2)
      rack-test (~> 0.6.1)
      sprockets (= 2.2.3)
    activemodel (3.2.22.5)
      activesupport (= 3.2.22.5)
      builder (~> 3.0)
    activesupport (3.2.22.5)
      i18n (~> 0.6, >= 0.6.4)
      multi_json (~> 1.0)
    builder (3.2.4)
    concurrent-ruby (1.1.10)
    countries (0.9.3)
      currencies (~> 0.4.2)
    country_select (1.3.1)
      countries (= 0.9.3)
    currencies (0.4.2)
    erubis (2.7.0)
    hike (1.2.3)
    i18n (0.9.5)
      concurrent-ruby (~> 1.0)
    journey (1.0.4)
    metaclass (0.0.4)
    mocha (0.13.3)
      metaclass (~> 0.0.1)
    multi_json (1.15.0)
    power_assert (2.0.3)
    psych (5.0.1)
      stringio
    rack (1.4.7.11)
    rack-cache (1.13.0)
      rack (>= 0.4)
    rack-ssl (1.3.4)
      rack
    rack-test (0.6.3)
      rack (>= 1.0)
    railties (3.2.22.5)
      actionpack (= 3.2.22.5)
      activesupport (= 3.2.22.5)
      rack-ssl (~> 1.3.2)
      rake (>= 0.8.7)
      thor (>= 0.14.6, < 2.0)
    rake (13.0.6)
    rdoc (6.5.0)
      psych (>= 4.0.0)
    sprockets (2.2.3)
      hike (~> 1.2)
      multi_json (~> 1.0)
      rack (~> 1.0)
      tilt (~> 1.1, != 1.3.0)
    stringio (3.0.4)
    test-unit (3.5.7)
      power_assert
    thor (1.2.1)
    tilt (1.4.1)
    tzinfo (2.0.5)
      concurrent-ruby (~> 1.0)

PLATFORMS
  ruby

DEPENDENCIES
  actionpack (~> 3.2.0)
  activemodel (~> 3.2.0)
  country_select (~> 1.1)
  mocha (~> 0.13.0)
  railties (~> 3.2.0)
  rake
  rdoc
  simple_form!
  test-unit
  tzinfo

BUNDLED WITH
   2.1.4
